GEM
  remote: http://rubygems.org/
  specs:
    actionmailer (3.1.10)
      actionpack (= 3.1.10)
      mail (~> 2.3.3)
    actionpack (3.1.10)
      activemodel (= 3.1.10)
      activesupport (= 3.1.10)
      builder (~> 3.0.0)
      erubis (~> 2.7.0)
      i18n (~> 0.6)
      rack (~> 1.3.6)
      rack-cache (~> 1.2)
      rack-mount (~> 0.8.2)
      rack-test (~> 0.6.1)
      sprockets (~> 2.0.4)
    activemodel (3.1.10)
      activesupport (= 3.1.10)
      builder (~> 3.0.0)
      i18n (~> 0.6)
    activerecord (3.1.10)
      activemodel (= 3.1.10)
      activesupport (= 3.1.10)
      arel (~> 2.2.3)
      tzinfo (~> 0.3.29)
    activeresource (3.1.10)
      activemodel (= 3.1.10)
      activesupport (= 3.1.10)
    activesupport (3.1.10)
      multi_json (>= 1.0, < 1.3)
    arel (2.2.3)
    basecamp (0.0.9)
      activeresource (>= 2.3.0)
      oauth2
      xml-simple
    builder (3.0.4)
    coffee-rails (3.1.1)
      coffee-script (>= 2.2.0)
      railties (~> 3.1.0)
    coffee-script (2.2.0)
      coffee-script-source
      execjs
    coffee-script-source (1.6.2)
    erubis (2.7.0)
    execjs (1.4.0)
      multi_json (~> 1.0)
    faraday (0.9.0)
      multipart-post (>= 1.2, < 3)
    hike (1.2.2)
    httpauth (0.2.1)
    i18n (0.6.4)
    jquery-rails (2.2.1)
      railties (>= 3.0, < 5.0)
      thor (>= 0.14, < 2.0)
    jquery-ui-rails (4.0.2)
      jquery-rails
      railties (>= 3.1.0)
    json (1.7.7)
    jwt (0.1.6)
      multi_json (>= 1.0)
    libv8 (3.11.8.17)
    mail (2.3.3)
      i18n (>= 0.4.0)
      mime-types (~> 1.16)
      treetop (~> 1.4.8)
    mime-types (1.23)
    multi_json (1.2.0)
    multi_xml (0.5.5)
    multipart-post (2.0.0)
    mysql2 (0.3.10)
    oauth2 (0.9.2)
      faraday (~> 0.8)
      httpauth (~> 0.2)
      jwt (~> 0.1.4)
      multi_json (~> 1.0)
      multi_xml (~> 0.5)
      rack (~> 1.2)
    polyglot (0.3.3)
    rack (1.3.10)
    rack-cache (1.2)
      rack (>= 0.4)
    rack-mount (0.8.3)
      rack (>= 1.0.0)
    rack-ssl (1.3.3)
      rack
    rack-test (0.6.2)
      rack (>= 1.0)
    rails (3.1.10)
      actionmailer (= 3.1.10)
      actionpack (= 3.1.10)
      activerecord (= 3.1.10)
      activeresource (= 3.1.10)
      activesupport (= 3.1.10)
      bundler (~> 1.0)
      railties (= 3.1.10)
    railties (3.1.10)
      actionpack (= 3.1.10)
      activesupport (= 3.1.10)
      rack-ssl (~> 1.3.2)
      rake (>= 0.8.7)
      rdoc (~> 3.4)
      thor (~> 0.14.6)
    rake (10.1.1)
    rdoc (3.12.2)
      json (~> 1.4)
    ref (1.0.4)
    sass (3.2.8)
    sass-rails (3.1.7)
      actionpack (~> 3.1.0)
      railties (~> 3.1.0)
      sass (>= 3.1.10)
      tilt (~> 1.3.2)
    sprockets (2.0.4)
      hike (~> 1.2)
      rack (~> 1.0)
      tilt (~> 1.1, != 1.3.0)
    therubyracer (0.11.4)
      libv8 (~> 3.11.8.12)
      ref
    thor (0.14.6)
    tilt (1.3.7)
    treetop (1.4.12)
      polyglot
      polyglot (>= 0.3.1)
    tzinfo (0.3.37)
    uglifier (2.0.1)
      execjs (>= 0.3.0)
      multi_json (~> 1.0, >= 1.0.2)
    will_paginate (3.0.4)
    xml-simple (1.1.4)

PLATFORMS
  ruby

DEPENDENCIES
  basecamp (= 0.0.9)
  coffee-rails (~> 3.1.1)
  execjs
  jquery-rails
  jquery-ui-rails
  mysql2 (< 0.3.11)
  rails (= 3.1.10)
  rake (= 10.1.1)
  sass-rails (~> 3.1.5)
  therubyracer
  uglifier (>= 1.0.3)
  will_paginate (> 3.0)
